PATH
  remote: .
  specs:
    activerecord-sqlserver-adapter-mirroring (0.1.2)
      activerecord-sqlserver-adapter (~> 3.2.3)

GEM
  remote: http://rubygems.org/
  specs:
    activemodel (3.2.14)
      activesupport (= 3.2.14)
      builder (~> 3.0.0)
    activerecord (3.2.14)
      activemodel (= 3.2.14)
      activesupport (= 3.2.14)
      arel (~> 3.0.2)
      tzinfo (~> 0.3.29)
    activerecord-sqlserver-adapter (3.2.10)
      activerecord (~> 3.2.0)
    activesupport (3.2.14)
      i18n (~> 0.6, >= 0.6.4)
      multi_json (~> 1.0)
    arel (3.0.2)
    builder (3.0.4)
    i18n (0.6.5)
    multi_json (1.8.0)
    rake (10.1.0)
    tiny_tds (0.5.1)
    tzinfo (0.3.37)

PLATFORMS
  ruby

DEPENDENCIES
  activerecord-sqlserver-adapter-mirroring!
  rake
  tiny_tds
